GEM
  remote: http://rubygems.org/
  specs:
    archive-tar-minitar (0.5.2)
    asunit4 (4.2.3.pre)
    diff-lcs (1.1.3)
    flashsdk (1.0.29.pre)
      sprout (>= 1.1.15.pre)
    open4 (1.3.0)
    rake (0.9.2.2)
    rspec (2.9.0)
      rspec-core (~> 2.9.0)
      rspec-expectations (~> 2.9.0)
      rspec-mocks (~> 2.9.0)
    rspec-core (2.9.0)
    rspec-expectations (2.9.1)
      diff-lcs (~> 1.1.3)
    rspec-mocks (2.9.0)
    rubyzip (0.9.4)
    sprout (1.1.18.pre)
      archive-tar-minitar (= 0.5.2)
      bundler (>= 0.9.19)
      open4 (>= 0.9.6)
      rake (>= 0.9.2)
      rubyzip (= 0.9.4)

PLATFORMS
  ruby

DEPENDENCIES
  asunit4 (= 4.2.3.pre)
  flashsdk (= 1.0.29.pre)
  rspec
